GEM
  remote: https://rubygems.org/
  specs:
    ast (2.4.2)
    bcrypt (3.1.16)
    coderay (1.1.3)
    concurrent-ruby (1.1.9)
    diff-lcs (1.5.0)
    dotenv (2.7.6)
    dry-inflector (0.2.1)
    faker (2.20.0)
      i18n (>= 1.8.11, < 2)
    i18n (1.10.0)
      concurrent-ruby (~> 1.0)
    jserializer (0.2.1)
    method_source (1.0.0)
    parallel (1.21.0)
    parser (3.1.1.0)
      ast (~> 2.4.1)
    pg (1.3.3)
    pry (0.14.1)
      coderay (~> 1.1)
      method_source (~> 1.0)
    rack (2.2.3)
    rack-protection (2.2.0)
      rack
    rack-test (1.1.0)
      rack (>= 1.0, < 3)
    rack_csrf (2.6.0)
      rack (>= 1.1.0)
    rainbow (3.1.1)
    regexp_parser (2.2.1)
    require_all (3.0.0)
    rexml (3.2.5)
    roda (3.53.0)
      rack
    rspec (3.11.0)
      rspec-core (~> 3.11.0)
      rspec-expectations (~> 3.11.0)
      rspec-mocks (~> 3.11.0)
    rspec-core (3.11.0)
      rspec-support (~> 3.11.0)
    rspec-expectations (3.11.0)
      diff-lcs (>= 1.2.0, < 2.0)
      rspec-support (~> 3.11.0)
    rspec-its (1.2.0)
      rspec-core (>= 3.0.0)
      rspec-expectations (>= 3.0.0)
    rspec-mocks (3.11.0)
      diff-lcs (>= 1.2.0, < 2.0)
      rspec-support (~> 3.11.0)
    rspec-roda (0.2.2)
      dry-inflector
      rack-test (~> 1.0)
      roda
      rspec (~> 3.7)
      rspec-its (~> 1.2.0)
    rspec-support (3.11.0)
    rubocop (1.25.1)
      parallel (~> 1.10)
      parser (>= 3.1.0.0)
      rainbow (>= 2.2.2, < 4.0)
      regexp_parser (>= 1.8, < 3.0)
      rexml
      rubocop-ast (>= 1.15.1, < 2.0)
      ruby-progressbar (~> 1.7)
      unicode-display_width (>= 1.4.0, < 3.0)
    rubocop-ast (1.16.0)
      parser (>= 3.1.1.0)
    rubocop-packaging (0.5.1)
      rubocop (>= 0.89, < 2.0)
    rubocop-performance (1.13.3)
      rubocop (>= 1.7.0, < 2.0)
      rubocop-ast (>= 0.4.0)
    ruby-progressbar (1.11.0)
    sequel (5.54.0)
    sequel-annotate (1.7.0)
      sequel (>= 4)
    unicode-display_width (2.1.0)

PLATFORMS
  x86_64-darwin-20

DEPENDENCIES
  bcrypt
  dotenv
  faker
  jserializer
  pg
  pry
  rack
  rack-protection
  rack_csrf
  require_all
  roda
  rspec-roda
  rubocop
  rubocop-packaging
  rubocop-performance
  sequel
  sequel-annotate

BUNDLED WITH
   2.2.3
